PATH
  remote: .
  specs:
    aw-trix_rails (1.1.0)

GEM
  remote: https://rubygems.org/
  specs:
    minitest (5.11.3)
    rake (10.5.0)

PLATFORMS
  ruby

DEPENDENCIES
  aw-trix_rails!
  bundler (~> 1.17)
  minitest (~> 5.0)
  rake (~> 10.0)

BUNDLED WITH
   1.17.1
